GEM
  remote: http://rubygems.org/
  specs:
    backports (3.3.3)
    dalli (2.6.4)
    haml (4.0.3)
      tilt
    kgio (2.8.0)
    memcachier (0.0.2)
    multi_json (1.7.9)
    r18n-core (1.1.6)
    rack (1.6.12)
    rack-cache (1.2)
      rack (>= 0.4)
    rack-protection (1.5.0)
      rack
    rack-test (0.6.2)
      rack (>= 1.0)
    raindrops (0.12.0)
    sinatra (1.4.3)
      rack (~> 1.4)
      rack-protection (~> 1.4)
      tilt (~> 1.3, >= 1.3.4)
    sinatra-contrib (1.4.1)
      backports (>= 2.0)
      multi_json
      rack-protection
      rack-test
      sinatra (~> 1.4.0)
      tilt (~> 1.3)
    sinatra-initializers (0.1.4)
    sinatra-r18n (1.1.6)
      r18n-core (= 1.1.6)
      sinatra (>= 1.3)
    sinatra-reloader (1.0)
      sinatra-contrib
    tilt (1.4.1)
    unicorn (4.6.3)
      kgio (~> 2.6)
      rack
      raindrops (~> 0.7)

PLATFORMS
  ruby

DEPENDENCIES
  dalli
  haml
  memcachier
  rack-cache
  sinatra
  sinatra-initializers
  sinatra-r18n
  sinatra-reloader
  unicorn
