GEM
  remote: http://rubygems.org/
  specs:
    backports (3.16.1)
    dalli (2.7.10)
    haml (5.1.2)
      temple (>= 0.8.0)
      tilt
    kgio (2.11.3)
    memcachier (0.0.2)
    multi_json (1.14.1)
    mustermann (1.1.1)
      ruby2_keywords (~> 0.0.1)
    r18n-core (4.0.0)
    rack (2.2.2)
    rack-cache (1.11.0)
      rack (>= 0.4)
    rack-protection (2.0.8.1)
      rack
    raindrops (0.19.1)
    ruby2_keywords (0.0.2)
    sinatra (2.0.8.1)
      mustermann (~> 1.0)
      rack (~> 2.0)
      rack-protection (= 2.0.8.1)
      tilt (~> 2.0)
    sinatra-contrib (2.0.8.1)
      backports (>= 2.8.2)
      multi_json
      mustermann (~> 1.0)
      rack-protection (= 2.0.8.1)
      sinatra (= 2.0.8.1)
      tilt (~> 2.0)
    sinatra-initializers (0.1.4)
    sinatra-r18n (4.0.0)
      r18n-core (= 4.0.0)
      sinatra (>= 1.3, < 3)
    sinatra-reloader (1.0)
      sinatra-contrib
    temple (0.8.2)
    tilt (2.0.10)
    unicorn (5.5.3)
      kgio (~> 2.6)
      raindrops (~> 0.7)

PLATFORMS
  ruby

DEPENDENCIES
  dalli
  haml
  memcachier
  rack-cache
  sinatra
  sinatra-initializers
  sinatra-r18n
  sinatra-reloader
  unicorn

RUBY VERSION
   ruby 2.6.2p47

BUNDLED WITH
   1.17.2
